GEM
  remote: https://rubygems.org/
  specs:
    connection_pool (2.2.1)
    dotenv (2.2.1)
    faktory_worker_ruby (0.6.1)
      connection_pool (~> 2.2, >= 2.2.1)

PLATFORMS
  ruby

DEPENDENCIES
  dotenv
  faktory_worker_ruby

BUNDLED WITH
   1.16.1
